GEM
  remote: https://rubygems.org/
  specs:
    mini_portile2 (2.2.0)
    nokogiri (1.8.0)
      mini_portile2 (~> 2.2.0)

PLATFORMS
  ruby

DEPENDENCIES
  nokogiri (~> 1.8)

RUBY VERSION
   ruby 2.4.1p111

BUNDLED WITH
   1.15.1
